GEM
  remote: https://rubygems.org/
  specs:
    Platform (0.4.2)
    activesupport (6.1.3)
      concurrent-ruby (~> 1.0, >= 1.0.2)
      i18n (>= 1.6, < 2)
      minitest (>= 5.1)
      tzinfo (~> 2.0)
      zeitwerk (~> 2.3)
    allure-cucumber (0.6.1)
      allure-ruby-adaptor-api (>= 0.7.1)
      cucumber (>= 2.0.0)
    allure-ruby-adaptor-api (0.7.2)
      mimemagic
      nokogiri (~> 1.7)
      uuid
    appium_lib (11.2.0)
      appium_lib_core (~> 4.1)
      nokogiri (~> 1.8, >= 1.8.1)
      tomlrb (~> 1.1)
    appium_lib_core (4.4.1)
      faye-websocket (~> 0.11.0)
      selenium-webdriver (~> 3.14, >= 3.14.1)
    backports (3.20.2)
    builder (3.2.4)
    childprocess (3.0.0)
    chunky_png (1.4.0)
    concurrent-ruby (1.1.8)
    cucumber (3.2.0)
      builder (>= 2.1.2)
      cucumber-core (~> 3.2.0)
      cucumber-expressions (~> 6.0.1)
      cucumber-wire (~> 0.0.1)
      diff-lcs (~> 1.3)
      gherkin (~> 5.1.0)
      multi_json (>= 1.7.5, < 2.0)
      multi_test (>= 0.1.2)
    cucumber-core (3.2.1)
      backports (>= 3.8.0)
      cucumber-tag_expressions (~> 1.1.0)
      gherkin (~> 5.0)
    cucumber-expressions (6.0.1)
    cucumber-tag_expressions (1.1.1)
    cucumber-wire (0.0.1)
    diff-lcs (1.4.4)
    eventmachine (1.2.7)
    faye-websocket (0.11.0)
      eventmachine (>= 0.12.0)
      websocket-driver (>= 0.5.1)
    ffi (1.14.2)
    gettext (3.3.7)
      locale (>= 2.0.5)
      text (>= 1.3.0)
    gherkin (5.1.0)
    git (1.8.1)
      rchardet (~> 1.8)
    i18n (1.8.9)
      concurrent-ruby (~> 1.0)
    io-console (0.5.8)
    json (2.3.1)
    locale (2.1.3)
    macaddr (1.7.2)
      systemu (~> 2.6.5)
    mimemagic (0.3.5)
    mini_portile2 (2.3.0)
    minitest (5.14.4)
    multi_json (1.15.0)
    multi_test (0.1.2)
    net-scp (3.0.0)
      net-ssh (>= 2.6.5, < 7.0.0)
    net-ssh (6.1.0)
    net-ssh-shell (0.1.0)
      net-ssh (>= 2.0.9)
    nokogiri (1.8.5)
      mini_portile2 (~> 2.3.0)
    parallel (1.20.1)
    rake (13.0.3)
    rchardet (1.8.0)
    rdoc (6.3.0)
    rmagick (4.2.2)
    rubysl-open3 (2.0.0)
    rubyzip (2.3.0)
    selenium-webdriver (3.142.7)
      childprocess (>= 0.5, < 4.0)
      rubyzip (>= 1.2.2)
    systemu (2.6.5)
    text (1.3.1)
    tomlrb (1.3.0)
    translit (0.1.5)
    tzinfo (2.0.4)
      concurrent-ruby (~> 1.0)
    uuid (2.3.9)
      macaddr (~> 1.0)
    websocket-driver (0.7.3)
      websocket-extensions (>= 0.1.0)
    websocket-extensions (0.1.5)
    zeitwerk (2.4.2)

PLATFORMS
  ruby

DEPENDENCIES
  Platform
  activesupport
  allure-cucumber (~> 0.6.1)
  appium_lib
  appium_lib_core
  builder (>= 2.1.2)
  chunky_png
  concurrent-ruby
  cucumber (~> 3.1, >= 3.1.2)
  cucumber-core (~> 3.2.0)
  cucumber-expressions (~> 6.0.1)
  cucumber-tag_expressions
  cucumber-wire (~> 0.0.1)
  ffi
  gettext
  gherkin (~> 5.1.0)
  git
  i18n
  io-console
  json (~> 2.3.0)
  multi_json
  net-scp
  net-ssh
  net-ssh-shell
  nokogiri (~> 1.8.1)
  parallel
  rake
  rdoc
  rmagick
  rubysl-open3
  rubyzip
  selenium-webdriver
  translit

BUNDLED WITH
   1.17.2
